GEM
  remote: http://rubygems.org/
  specs:
    rack (1.6.11)
    rack-protection (1.5.5)
      rack
    rake (12.3.1)
    sinatra (1.4.8)
      rack (~> 1.5)
      rack-protection (~> 1.4)
      tilt (>= 1.3, < 3)
    tilt (2.0.8)

PLATFORMS
  ruby

DEPENDENCIES
  rack (>= 1.6.11)
  rake
  sinatra

BUNDLED WITH
   1.16.5
